GEM
  remote: https://rubygems.org/
  specs:
    puma (3.12.4)
    rack (2.0.7)
    roda (3.21.0)
      rack

PLATFORMS
  ruby

DEPENDENCIES
  puma
  roda

BUNDLED WITH
   2.0.2
